RESTRICTION: >= net461
NUGET
  remote: https://www.nuget.org/api/v2
    Accord (3.8)
    Accord.Math (3.8)
      Accord (>= 3.8)
    Accord.Statistics (3.8)
      Accord (>= 3.8)
      Accord.Math (>= 3.8)
    FAKE (4.63.2)
    FSharp.Core (4.2.3)
